GIT
  remote: https://github.com/Accuity/rspec-puppet-utils.git
  revision: 00fa80de9e4a2fb1f550272f4c38874a4e3e709d
  specs:
    rspec-puppet-utils (2.0.5)

GIT
  remote: https://github.com/bobtfish/hiera-puppet-helper.git
  revision: 2853187c6553ee292793292c852a9e57c58da167
  specs:
    hiera-puppet-helper (2.0.1)

GIT
  remote: https://github.com/bodeco/bodeco_module_helper.git
  revision: 76e22d2d74701f19bfa9386b90653a3c161082c0
  specs:
    bodeco_module_helper (0.1.0)
      facter
      puppet
      puppet-blacksmith
      puppetlabs_spec_helper (~> 0.8)
      r10k
      rspec
      rspec-puppet-utils

GIT
  remote: https://github.com/rodjek/rspec-puppet.git
  revision: 8459e14807977244c00bdbcf190062c529b63474
  specs:
    rspec-puppet (2.0.0)
      rspec (~> 2.0)

GEM
  remote: https://rubygems.org/
  specs:
    CFPropertyList (2.2.8)
    addressable (2.3.6)
    backports (3.6.4)
    celluloid (0.16.0)
      timers (~> 4.0.0)
    coderay (1.1.0)
    colored (1.2)
    cri (2.4.1)
      colored (>= 1.2)
    diff-lcs (1.2.5)
    ethon (0.7.2)
      ffi (>= 1.3.0)
    facter (2.3.0)
      CFPropertyList (~> 2.2.6)
    faraday (0.9.0)
      multipart-post (>= 1.2, < 3)
    faraday_middleware (0.9.1)
      faraday (>= 0.7.4, < 0.10)
    ffi (1.9.6)
    formatador (0.2.5)
    gh (0.13.2)
      addressable
      backports
      faraday (~> 0.8)
      multi_json (~> 1.0)
      net-http-persistent (>= 2.7)
      net-http-pipeline
    guard (2.11.0)
      formatador (>= 0.2.4)
      listen (~> 2.7)
      lumberjack (~> 1.0)
      nenv (~> 0.1)
      notiffany (~> 0.0)
      pry (>= 0.9.12)
      shellany (~> 0.0)
      thor (>= 0.18.1)
    guard-rake (1.0.0)
      guard
      rake
    hiera (1.3.4)
      json_pure
    highline (1.6.21)
    hitimes (1.2.2)
    json (1.8.1)
    json_pure (1.8.1)
    launchy (2.4.3)
      addressable (~> 2.3)
    listen (2.8.4)
      celluloid (>= 0.15.2)
      rb-fsevent (>= 0.9.3)
      rb-inotify (>= 0.9)
    log4r (1.1.10)
    lumberjack (1.0.9)
    metaclass (0.0.4)
    metadata-json-lint (0.0.4)
      json
      spdx-licenses (~> 1.0)
    method_source (0.8.2)
    mime-types (2.4.3)
    mocha (1.1.0)
      metaclass (~> 0.0.1)
    multi_json (1.10.1)
    multipart-post (2.0.0)
    nenv (0.1.1)
    net-http-persistent (2.9.4)
    net-http-pipeline (1.0.1)
    net-ssh (2.9.1)
    netrc (0.10.2)
    notiffany (0.0.2)
      nenv (~> 0.1)
      shellany (~> 0.0)
    pry (0.9.12.6)
      coderay (~> 1.0)
      method_source (~> 0.8)
      slop (~> 3.4)
    puppet (3.7.3)
      facter (> 1.6, < 3)
      hiera (~> 1.0)
      json_pure
    puppet-blacksmith (3.1.1)
      puppet (>= 2.7.16)
      rest-client
    puppet-lint (1.1.0)
    puppet-syntax (1.4.0)
      rake
    puppetlabs_spec_helper (0.8.2)
      mocha
      puppet-lint
      puppet-syntax
      rake
      rspec
      rspec-puppet
    pusher-client (0.6.0)
      json
      websocket (~> 1.0)
    r10k (1.1.4)
      colored (>= 1.2)
      cri (~> 2.4.0)
      json_pure
      log4r (>= 1.1.10)
      systemu (~> 2.5.2)
    rake (10.4.2)
    rb-fsevent (0.9.4)
    rb-inotify (0.9.5)
      ffi (>= 0.5.0)
    rest-client (1.7.2)
      mime-types (>= 1.16, < 3.0)
      netrc (~> 0.7)
    rspec (2.99.0)
      rspec-core (~> 2.99.0)
      rspec-expectations (~> 2.99.0)
      rspec-mocks (~> 2.99.0)
    rspec-core (2.99.2)
    rspec-expectations (2.99.2)
      diff-lcs (>= 1.1.3, < 2.0)
    rspec-its (1.0.1)
      rspec-core (>= 2.99.0.beta1)
      rspec-expectations (>= 2.99.0.beta1)
    rspec-mocks (2.99.2)
    serverspec (1.16.0)
      highline
      net-ssh
      rspec (~> 2.99)
      rspec-its
      specinfra (~> 1.27)
    shellany (0.0.1)
    slop (3.6.0)
    spdx-licenses (1.0.0)
      json
    specinfra (1.27.5)
    systemu (2.5.2)
    thor (0.19.1)
    timers (4.0.1)
      hitimes
    travis (1.7.4)
      addressable (~> 2.3)
      backports
      faraday (~> 0.9)
      faraday_middleware (~> 0.9, >= 0.9.1)
      gh (~> 0.13)
      highline (~> 1.6)
      launchy (~> 2.1)
      pry (~> 0.9, < 0.10)
      pusher-client (~> 0.4)
      typhoeus (~> 0.6, >= 0.6.8)
    travis-lint (2.0.0)
      json
    typhoeus (0.6.9)
      ethon (>= 0.7.1)
    websocket (1.2.1)

PLATFORMS
  ruby

DEPENDENCIES
  bodeco_module_helper!
  guard-rake
  hiera-puppet-helper!
  metadata-json-lint
  puppet (~> 3.7.0)
  puppet-blacksmith
  puppet-syntax
  puppetlabs_spec_helper
  rake
  rspec-puppet!
  rspec-puppet-utils!
  serverspec
  travis
  travis-lint
